PATH
  remote: .
  specs:
    thor-hollaback (0.2.1)
      hollaback (~> 0.1)
      thor (>= 0.19.1)

GEM
  remote: https://rubygems.org/
  specs:
    ast (2.4.2)
    docile (1.4.0)
    hollaback (0.1.1)
    json (2.7.2)
    language_server-protocol (3.17.0.3)
    minitest (5.23.1)
    parallel (1.24.0)
    parser (3.3.2.0)
      ast (~> 2.4.1)
      racc
    prettier_print (1.2.1)
    racc (1.8.0)
    rainbow (3.1.1)
    rake (13.2.1)
    regexp_parser (2.9.2)
    rexml (3.2.8)
      strscan (>= 3.0.9)
    rubocop (1.64.1)
      json (~> 2.3)
      language_server-protocol (>= 3.17.0)
      parallel (~> 1.10)
      parser (>= 3.3.0.2)
      rainbow (>= 2.2.2, < 4.0)
      regexp_parser (>= 1.8, < 3.0)
      rexml (>= 3.2.5, < 4.0)
      rubocop-ast (>= 1.31.1, < 2.0)
      ruby-progressbar (~> 1.7)
      unicode-display_width (>= 2.4.0, < 3.0)
    rubocop-ast (1.31.3)
      parser (>= 3.3.1.0)
    ruby-progressbar (1.13.0)
    simplecov (0.22.0)
      docile (~> 1.1)
      simplecov-html (~> 0.11)
      simplecov_json_formatter (~> 0.1)
    simplecov-html (0.12.3)
    simplecov_json_formatter (0.1.4)
    strscan (3.1.0)
    syntax_tree (6.2.0)
      prettier_print (>= 1.2.0)
    thor (1.3.1)
    unicode-display_width (2.5.0)

PLATFORMS
  ruby

DEPENDENCIES
  bundler (~> 2.0)
  minitest (~> 5.11)
  rake (~> 13.0)
  rubocop (~> 1.12)
  simplecov (~> 0.15)
  syntax_tree
  thor-hollaback!

BUNDLED WITH
   2.4.1
